GEM
  remote: http://rubygems.org/
  specs:
    builder (3.1.4)
    cucumber (1.2.1)
      builder (>= 2.1.2)
      diff-lcs (>= 1.1.3)
      gherkin (~> 2.11.0)
      json (>= 1.4.6)
    diff-lcs (1.1.3)
    gherkin (2.11.5-x86-mingw32)
      json (>= 1.4.6)
    json (1.7.5)
    rspec-expectations (2.11.3)
      diff-lcs (~> 1.1.3)

PLATFORMS
  x86-mingw32

DEPENDENCIES
  cucumber
  rspec-expectations
